GEM
  remote: https://rubygems.org/
  specs:
    jar-dependencies (0.3.0)
    leafy-complete (0.6.2-java)
      leafy-health (~> 0.6.2)
      leafy-logger (~> 0.6.2)
      leafy-metrics (~> 0.6.2)
      leafy-rack (~> 0.6.2)
    leafy-health (0.6.2-java)
      jar-dependencies (~> 0.1)
    leafy-logger (0.6.2-java)
      jar-dependencies (~> 0.1)
      leafy-metrics (~> 0.6.2)
    leafy-metrics (0.6.2-java)
      jar-dependencies (~> 0.1)
    leafy-rack (0.6.2-java)
      jar-dependencies (~> 0.1)
      leafy-health (~> 0.6.2)
      leafy-logger (~> 0.6.2)
      leafy-metrics (~> 0.6.2)
    rack (1.6.13)
    rack-protection (1.5.5)
      rack
    ruby-maven (3.9.0)
      ruby-maven-libs (~> 3.9.9)
    ruby-maven-libs (3.9.9)
    sinatra (1.4.8)
      rack (~> 1.5)
      rack-protection (~> 1.4)
      tilt (>= 1.3, < 3)
    tilt (2.4.0)

PLATFORMS
  universal-java-24

DEPENDENCIES
  jar-dependencies (= 0.3.0)
  leafy-complete (= 0.6.2)
  ruby-maven (~> 3.9, >= 3.9.0)
  sinatra (~> 1.4)

BUNDLED WITH
   2.5.11
